GIT
  remote: git://github.com/jmiramant/brewery_db.git
  revision: 8aa5f86f3bb1667024c00ba9f3e58c51a15bb8a3
  branch: add-locations-resource
  specs:
    brewery_db (0.1.0)
      faraday (~> 0.8.0)
      faraday_middleware (~> 0.8)
      hashie (>= 1.1, < 3)

GEM
  remote: https://rubygems.org/
  specs:
    actionmailer (3.2.11)
      actionpack (= 3.2.11)
      mail (~> 2.4.4)
    actionpack (3.2.11)
      activemodel (= 3.2.11)
      activesupport (= 3.2.11)
      builder (~> 3.0.0)
      erubis (~> 2.7.0)
      journey (~> 1.0.4)
      rack (~> 1.4.0)
      rack-cache (~> 1.2)
      rack-test (~> 0.6.1)
      sprockets (~> 2.2.1)
    activemodel (3.2.11)
      activesupport (= 3.2.11)
      builder (~> 3.0.0)
    activerecord (3.2.11)
      activemodel (= 3.2.11)
      activesupport (= 3.2.11)
      arel (~> 3.0.2)
      tzinfo (~> 0.3.29)
    activeresource (3.2.11)
      activemodel (= 3.2.11)
      activesupport (= 3.2.11)
    activesupport (3.2.11)
      i18n (~> 0.6)
      multi_json (~> 1.0)
    arel (3.0.2)
    bcrypt-ruby (3.0.1)
    builder (3.0.4)
    celluloid (0.14.1)
      timers (>= 1.0.0)
    coffee-rails (3.2.2)
      coffee-script (>= 2.2.0)
      railties (~> 3.2.0)
    coffee-script (2.2.0)
      coffee-script-source
      execjs
    coffee-script-source (1.6.2)
    connection_pool (1.1.0)
    diff-lcs (1.2.4)
    domain_name (0.5.12)
      unf (>= 0.0.5, < 1.0.0)
    erubis (2.7.0)
    execjs (1.4.0)
      multi_json (~> 1.0)
    faraday (0.8.7)
      multipart-post (~> 1.1)
    faraday_middleware (0.9.0)
      faraday (>= 0.7.4, < 0.9)
    fusion_tables (0.4.1)
      gdata_19 (>= 1.1.2)
      json (>= 1.7.6)
    gdata_19 (1.1.5)
    geocoder (1.1.8)
    haml (4.0.3)
      tilt
    hashie (2.0.5)
    hike (1.2.3)
    http-cookie (1.0.1)
      domain_name (~> 0.5)
    i18n (0.6.4)
    journey (1.0.4)
    jquery-rails (3.0.1)
      railties (>= 3.0, < 5.0)
      thor (>= 0.14, < 2.0)
    json (1.8.0)
    mail (2.4.4)
      i18n (>= 0.4.0)
      mime-types (~> 1.16)
      treetop (~> 1.4.8)
    mechanize (2.7.1)
      domain_name (~> 0.5, >= 0.5.1)
      http-cookie (~> 1.0.0)
      mime-types (~> 1.17, >= 1.17.2)
      net-http-digest_auth (~> 1.1, >= 1.1.1)
      net-http-persistent (~> 2.5, >= 2.5.2)
      nokogiri (~> 1.4)
      ntlm-http (~> 0.1, >= 0.1.1)
      webrobots (>= 0.0.9, < 0.2)
    mime-types (1.23)
    mini_portile (0.5.0)
    multi_json (1.7.7)
    multipart-post (1.2.0)
    net-http-digest_auth (1.3)
    net-http-persistent (2.8)
    nokogiri (1.6.0)
      mini_portile (~> 0.5.0)
    ntlm-http (0.1.1)
    pg (0.15.1)
    polyglot (0.3.3)
    rack (1.4.5)
    rack-cache (1.2)
      rack (>= 0.4)
    rack-protection (1.5.0)
      rack
    rack-ssl (1.3.3)
      rack
    rack-test (0.6.2)
      rack (>= 1.0)
    rails (3.2.11)
      actionmailer (= 3.2.11)
      actionpack (= 3.2.11)
      activerecord (= 3.2.11)
      activeresource (= 3.2.11)
      activesupport (= 3.2.11)
      bundler (~> 1.0)
      railties (= 3.2.11)
    railties (3.2.11)
      actionpack (= 3.2.11)
      activesupport (= 3.2.11)
      rack-ssl (~> 1.3.2)
      rake (>= 0.8.7)
      rdoc (~> 3.4)
      thor (>= 0.14.6, < 2.0)
    rake (10.0.4)
    rdoc (3.12.2)
      json (~> 1.4)
    redis (3.0.4)
    redis-namespace (1.3.0)
      redis (~> 3.0.0)
    rspec-core (2.13.1)
    rspec-expectations (2.13.0)
      diff-lcs (>= 1.1.3, < 2.0)
    rspec-mocks (2.13.1)
    rspec-rails (2.13.2)
      actionpack (>= 3.0)
      activesupport (>= 3.0)
      railties (>= 3.0)
      rspec-core (~> 2.13.0)
      rspec-expectations (~> 2.13.0)
      rspec-mocks (~> 2.13.0)
    sass (3.2.9)
    sass-rails (3.2.6)
      railties (~> 3.2.0)
      sass (>= 3.1.10)
      tilt (~> 1.3)
    sidekiq (2.12.4)
      celluloid (>= 0.14.1)
      connection_pool (>= 1.0.0)
      json
      redis (>= 3.0)
      redis-namespace
    sinatra (1.4.3)
      rack (~> 1.4)
      rack-protection (~> 1.4)
      tilt (~> 1.3, >= 1.3.4)
    slim (2.0.0)
      temple (~> 0.6.5)
      tilt (~> 1.3, >= 1.3.3)
    sprockets (2.2.2)
      hike (~> 1.2)
      multi_json (~> 1.0)
      rack (~> 1.0)
      tilt (~> 1.1, != 1.3.0)
    temple (0.6.5)
    thor (0.18.1)
    tilt (1.4.1)
    timers (1.1.0)
    treetop (1.4.14)
      polyglot
      polyglot (>= 0.3.1)
    tzinfo (0.3.37)
    uglifier (2.1.1)
      execjs (>= 0.3.0)
      multi_json (~> 1.0, >= 1.0.2)
    unf (0.1.1)
      unf_ext
    unf_ext (0.0.6)
    webrobots (0.1.1)

PLATFORMS
  ruby

DEPENDENCIES
  bcrypt-ruby (~> 3.0.0)
  brewery_db!
  coffee-rails (~> 3.2.1)
  fusion_tables
  geocoder
  haml
  jquery-rails
  mechanize
  nokogiri
  pg
  rails (= 3.2.11)
  rspec-rails
  sass-rails (~> 3.2.3)
  sidekiq
  sinatra
  slim
  uglifier
